GEM
  remote: http://rubygems.org/
  specs:
    activemodel (4.2.10)
      activesupport (= 4.2.10)
      builder (~> 3.1)
    activerecord (4.2.10)
      activemodel (= 4.2.10)
      activesupport (= 4.2.10)
      arel (~> 6.0)
    activerecord-import (0.22.0)
      activerecord (>= 3.2)
    activerecord-oracle_enhanced-adapter (1.6.9)
    activesupport (4.2.10)
      i18n (~> 0.7)
      minitest (~> 5.1)
      thread_safe (~> 0.3, >= 0.3.4)
      tzinfo (~> 1.1)
    arel (6.0.4)
    backports (3.11.1)
    biodiversity (3.4.2)
      gn_uuid (~> 0.5)
      parallel (~> 1.4)
      treetop (~> 1.6.8)
      unicode_utils (~> 1.4)
    builder (3.2.3)
    byebug (10.0.0)
    choice (0.2.0)
    chronic (0.10.2)
    colorize (0.8.1)
    composite_primary_keys (8.1.6)
      activerecord (~> 4.2.0)
    concurrent-ruby (1.0.5)
    daemons (1.2.6)
    diff-lcs (1.3)
    domain_name (0.5.20170404)
      unf (>= 0.0.5, < 1.0.0)
    eventmachine (1.2.5)
    ffi (1.9.18)
    gn_uuid (0.5.0)
    haml (5.0.4)
      temple (>= 0.8.0)
      tilt
    http-cookie (1.0.3)
      domain_name (~> 0.5)
    i18n (0.9.3)
      concurrent-ruby (~> 1.0)
    ignorable (0.4.0)
      activerecord (>= 3)
    mime-types (3.1)
      mime-types-data (~> 3.2015)
    mime-types-data (3.2016.0521)
    mini_portile2 (2.3.0)
    minitest (5.11.3)
    multi_json (1.13.1)
    mustermann (1.0.1)
    namae (1.0.1)
    netrc (0.11.0)
    nokogiri (1.8.2)
      mini_portile2 (~> 2.3.0)
    parallel (1.12.1)
    polyglot (0.3.5)
    rack (2.0.3)
    rack-protection (2.0.0)
      rack
    rails-erd (1.5.2)
      activerecord (>= 3.2)
      activesupport (>= 3.2)
      choice (~> 0.2.0)
      ruby-graphviz (~> 1.2)
    rails_or (1.1.7)
      activerecord (>= 3)
    rake (12.3.0)
    rb-fsevent (0.10.2)
    rb-inotify (0.9.10)
      ffi (>= 0.5.0, < 2)
    require_all (1.5.0)
    rest-client (2.0.2)
      http-cookie (>= 1.0.2, < 2.0)
      mime-types (>= 1.16, < 4.0)
      netrc (~> 0.8)
    rspec (3.7.0)
      rspec-core (~> 3.7.0)
      rspec-expectations (~> 3.7.0)
      rspec-mocks (~> 3.7.0)
    rspec-core (3.7.1)
      rspec-support (~> 3.7.0)
    rspec-expectations (3.7.0)
      diff-lcs (>= 1.2.0, < 2.0)
      rspec-support (~> 3.7.0)
    rspec-mocks (3.7.0)
      diff-lcs (>= 1.2.0, < 2.0)
      rspec-support (~> 3.7.0)
    rspec-support (3.7.1)
    ruby-graphviz (1.2.3)
    ruby-oci8 (2.2.5.1)
    ruby-progressbar (1.9.0)
    rubyzip (1.2.1)
    sass (3.5.5)
      sass-listen (~> 4.0.0)
    sass-listen (4.0.0)
      rb-fsevent (~> 0.9, >= 0.9.4)
      rb-inotify (~> 0.9, >= 0.9.7)
    simple-mappr (0.1.4)
      rest-client (~> 2.0)
    sinatra (2.0.0)
      mustermann (~> 1.0)
      rack (~> 2.0)
      rack-protection (= 2.0.0)
      tilt (~> 2.0)
    sinatra-contrib (2.0.0)
      backports (>= 2.0)
      multi_json
      mustermann (~> 1.0)
      rack-protection (= 2.0.0)
      sinatra (= 2.0.0)
      tilt (>= 1.3, < 3)
    temple (0.8.0)
    thin (1.7.2)
      daemons (~> 1.0, >= 1.0.9)
      eventmachine (~> 1.0, >= 1.0.4)
      rack (>= 1, < 3)
    thread_safe (0.3.6)
    tilt (2.0.8)
    treetop (1.6.9)
      polyglot (~> 0.3)
    tzinfo (1.2.4)
      thread_safe (~> 0.1)
    unf (0.1.4)
      unf_ext
    unf_ext (0.0.7.4)
    unicode_utils (1.4.0)

PLATFORMS
  ruby

DEPENDENCIES
  activerecord
  activerecord-import
  activerecord-oracle_enhanced-adapter
  biodiversity
  builder
  byebug
  chronic
  colorize
  composite_primary_keys
  haml
  ignorable
  namae
  nokogiri
  parallel
  rails-erd
  rails_or
  rake
  require_all
  rest-client
  rspec
  ruby-oci8
  ruby-progressbar
  rubyzip
  sass
  simple-mappr
  sinatra
  sinatra-contrib
  thin

RUBY VERSION
   ruby 2.6.3p62

BUNDLED WITH
   1.17.3
